GEM
  remote: http://rubygems.org/
  specs:
    clearwater (0.3.1)
      opal (~> 0.7)
      opal-browser
    concurrent-ruby (1.0.1)
    grand_central (0.2.0)
      opal (~> 0.7)
    haml (4.0.7)
      tilt
    hike (1.2.3)
    opal (0.9.2)
      hike (~> 1.2)
      sourcemap (~> 0.1.0)
      sprockets (~> 3.1)
      tilt (>= 1.4)
    opal-browser (0.2.0)
      opal
      paggio
    paggio (0.2.6)
    rack (1.6.4)
    roda (2.11.0)
      rack
    sourcemap (0.1.1)
    sprockets (3.5.2)
      concurrent-ruby (~> 1.0)
      rack (> 1, < 3)
    tilt (2.0.2)

PLATFORMS
  ruby

DEPENDENCIES
  clearwater
  grand_central
  haml
  opal
  opal-browser
  roda

BUNDLED WITH
   1.11.2
